PATH
  remote: .
  specs:
    r00lz (0.1.0)
      json (~> 2.1.0)
      rack (~> 2.0.6)
      sqlite3

GEM
  remote: https://rubygems.org/
  specs:
    json (2.1.0)
    minitest (5.11.3)
    rack (2.0.9)
    rake (10.5.0)
    sqlite3 (1.4.2)

PLATFORMS
  ruby

DEPENDENCIES
  bundler (~> 1.16)
  minitest (~> 5.0)
  r00lz!
  rake (~> 10.0)

