PATH
  remote: .
  specs:
    r00lz (0.1.0)
      rack (>= 2.0.6, < 3.1.0)

GEM
  remote: https://rubygems.org/
  specs:
    minitest (5.11.3)
    rack (3.0.4.1)
    rake (12.3.3)

PLATFORMS
  ruby

DEPENDENCIES
  bundler (~> 1.16)
  minitest (~> 5.0)
  r00lz!
  rake (~> 12.3.3)

BUNDLED WITH
   1.17.3
